GEM
  remote: https://rubygems.org/
  specs:
    actioncable (6.1.0.rc1)
      actionpack (= 6.1.0.rc1)
      activesupport (= 6.1.0.rc1)
      nio4r (~> 2.0)
      websocket-driver (>= 0.6.1)
    actionmailbox (6.1.0.rc1)
      actionpack (= 6.1.0.rc1)
      activejob (= 6.1.0.rc1)
      activerecord (= 6.1.0.rc1)
      activestorage (= 6.1.0.rc1)
      activesupport (= 6.1.0.rc1)
      mail (>= 2.7.1)
    actionmailer (6.1.0.rc1)
      actionpack (= 6.1.0.rc1)
      actionview (= 6.1.0.rc1)
      activejob (= 6.1.0.rc1)
      activesupport (= 6.1.0.rc1)
      mail (~> 2.5, >= 2.5.4)
      rails-dom-testing (~> 2.0)
    actionpack (6.1.0.rc1)
      actionview (= 6.1.0.rc1)
      activesupport (= 6.1.0.rc1)
      rack (~> 2.0, >= 2.0.9)
      rack-test (>= 0.6.3)
      rails-dom-testing (~> 2.0)
      rails-html-sanitizer (~> 1.0, >= 1.2.0)
    actiontext (6.1.0.rc1)
      actionpack (= 6.1.0.rc1)
      activerecord (= 6.1.0.rc1)
      activestorage (= 6.1.0.rc1)
      activesupport (= 6.1.0.rc1)
      nokogiri (>= 1.8.5)
    actionview (6.1.0.rc1)
      activesupport (= 6.1.0.rc1)
      builder (~> 3.1)
      erubi (~> 1.4)
      rails-dom-testing (~> 2.0)
      rails-html-sanitizer (~> 1.1, >= 1.2.0)
    activejob (6.1.0.rc1)
      activesupport (= 6.1.0.rc1)
      globalid (>= 0.3.6)
    activemodel (6.1.0.rc1)
      activesupport (= 6.1.0.rc1)
    activerecord (6.1.0.rc1)
      activemodel (= 6.1.0.rc1)
      activesupport (= 6.1.0.rc1)
    activestorage (6.1.0.rc1)
      actionpack (= 6.1.0.rc1)
      activejob (= 6.1.0.rc1)
      activerecord (= 6.1.0.rc1)
      activesupport (= 6.1.0.rc1)
      marcel (~> 0.3.1)
      mimemagic (~> 0.3.2)
    activesupport (6.1.0.rc1)
      concurrent-ruby (~> 1.0, >= 1.0.2)
      i18n (>= 1.6, < 2)
      minitest (>= 5.1)
      tzinfo (~> 2.0)
      zeitwerk (~> 2.3)
    addressable (2.7.0)
      public_suffix (>= 2.0.2, < 5.0)
    ast (2.4.1)
    async (1.32.1)
      console (~> 1.10)
      nio4r (~> 2.3)
      timers (~> 4.1)
    async-http (0.59.5)
      async (>= 1.25)
      async-io (>= 1.28)
      async-pool (>= 0.2)
      protocol-http (~> 0.23)
      protocol-http1 (~> 0.14.0)
      protocol-http2 (~> 0.14.0)
      traces (>= 0.8.0)
    async-io (1.43.2)
      async
    async-pool (0.4.0)
      async (>= 1.25)
    async-websocket (0.20.0)
      async-http (~> 0.54)
      async-io (~> 1.23)
      protocol-rack (~> 0.1.1)
      protocol-websocket (~> 0.7.0)
    autoprefixer-rails (10.0.2.0)
      execjs
    aws_cf_signer (0.1.3)
    axiom-types (0.1.1)
      descendants_tracker (~> 0.0.4)
      ice_nine (~> 0.11.0)
      thread_safe (~> 0.3, >= 0.3.1)
    bcrypt (3.1.16)
    bcrypt (3.1.16-java)
    bindex (0.8.1)
    bootsnap (1.5.1)
      msgpack (~> 1.0)
    bootsnap (1.5.1-java)
      msgpack (~> 1.0)
    bootstrap (5.0.0.alpha3)
      autoprefixer-rails (>= 9.1.0)
      popper_js (>= 1.14.3, < 2)
      sassc-rails (>= 2.0.0)
    bootstrap-multiselect-rails (0.9.9)
      rails (>= 4.0.0)
    brakeman (5.4.1)
    builder (3.2.4)
    byebug (11.1.3)
    capybara (3.33.0)
      addressable
      mini_mime (>= 0.1.3)
      nokogiri (~> 1.8)
      rack (>= 1.6.0)
      rack-test (>= 0.6.3)
      regexp_parser (~> 1.5)
      xpath (~> 3.2)
    childprocess (3.0.0)
    cloudinary (1.18.1)
      aws_cf_signer
      rest-client
    coercible (1.0.0)
      descendants_tracker (~> 0.0.1)
    concurrent-ruby (1.1.7)
    console (1.15.3)
      fiber-local
    crass (1.0.6)
    database_cleaner (1.8.5)
    descendants_tracker (0.0.4)
      thread_safe (~> 0.3, >= 0.3.1)
    devise (4.7.3)
      bcrypt (~> 3.0)
      orm_adapter (~> 0.1)
      railties (>= 4.1.0)
      responders
      warden (~> 1.2.3)
    diff-lcs (1.4.4)
    docile (1.4.1)
    domain_name (0.5.20190701)
      unf (>= 0.0.5, < 1.0.0)
    equalizer (0.0.11)
    erubi (1.10.0)
    execjs (2.7.0)
    factory_bot (6.1.0)
      activesupport (>= 5.0.0)
    factory_bot_rails (6.1.0)
      factory_bot (~> 6.1.0)
      railties (>= 5.0.0)
    faker (2.14.0)
      i18n (>= 1.6, < 2)
    ffi (1.13.1)
    ffi (1.13.1-java)
    fiber-local (1.0.0)
    flay (2.13.3)
      erubi (~> 1.10)
      path_expander (~> 1.0)
      ruby_parser (~> 3.0)
      sexp_processor (~> 4.0)
    flog (4.8.0)
      path_expander (~> 1.0)
      ruby_parser (~> 3.1, > 3.1.0)
      sexp_processor (~> 4.8)
    globalid (0.4.2)
      activesupport (>= 4.2.0)
    http-accept (1.7.0)
    http-cookie (1.0.3)
      domain_name (~> 0.5)
    i18n (1.8.5)
      concurrent-ruby (~> 1.0)
    ice_nine (0.11.2)
    jar-dependencies (0.4.1)
    jbuilder (2.10.1)
      activesupport (>= 5.0.0)
    kwalify (0.7.2)
    launchy (2.5.0)
      addressable (~> 2.7)
    listen (3.3.1)
      rb-fsevent (~> 0.10, >= 0.10.3)
      rb-inotify (~> 0.9, >= 0.9.10)
    loofah (2.7.0)
      crass (~> 1.0.2)
      nokogiri (>= 1.5.9)
    mail (2.7.1)
      mini_mime (>= 0.1.1)
    marcel (0.3.3)
      mimemagic (~> 0.3.2)
    method_source (1.0.0)
    mime-types (3.3.1)
      mime-types-data (~> 3.2015)
    mime-types-data (3.2020.1104)
    mimemagic (0.3.10)
      nokogiri (~> 1)
      rake
    mini_mime (1.0.2)
    mini_portile2 (2.4.0)
    minitest (5.14.2)
    msgpack (1.3.3)
    msgpack (1.3.3-java)
    netrc (0.11.0)
    nio4r (2.5.4)
    nio4r (2.5.4-java)
    nokogiri (1.10.10)
      mini_portile2 (~> 2.4.0)
    nokogiri (1.10.10-java)
    orm_adapter (0.5.0)
    parallel (1.20.0)
    parser (2.7.2.0)
      ast (~> 2.4.1)
    path_expander (1.1.2)
    pg (1.2.3)
    popper_js (1.16.0)
    protocol-hpack (1.4.2)
    protocol-http (0.23.12)
    protocol-http1 (0.14.6)
      protocol-http (~> 0.22)
    protocol-http2 (0.14.2)
      protocol-hpack (~> 1.4)
      protocol-http (~> 0.18)
    protocol-rack (0.1.6)
      protocol-http (~> 0.23.4)
      rack (>= 1.0)
    protocol-websocket (0.7.5)
      protocol-http (~> 0.2)
      protocol-http1 (~> 0.2)
    psych (3.3.4)
    psych (3.3.4-java)
      jar-dependencies (>= 0.1.7)
    public_suffix (4.0.6)
    puma (5.0.4)
      nio4r (~> 2.0)
    puma (5.0.4-java)
      nio4r (~> 2.0)
    racc (1.8.1)
    racc (1.8.1-java)
    rack (2.2.3)
    rack-proxy (0.6.5)
      rack
    rack-test (1.1.0)
      rack (>= 1.0, < 3)
    rails (6.1.0.rc1)
      actioncable (= 6.1.0.rc1)
      actionmailbox (= 6.1.0.rc1)
      actionmailer (= 6.1.0.rc1)
      actionpack (= 6.1.0.rc1)
      actiontext (= 6.1.0.rc1)
      actionview (= 6.1.0.rc1)
      activejob (= 6.1.0.rc1)
      activemodel (= 6.1.0.rc1)
      activerecord (= 6.1.0.rc1)
      activestorage (= 6.1.0.rc1)
      activesupport (= 6.1.0.rc1)
      bundler (>= 1.15.0)
      railties (= 6.1.0.rc1)
      sprockets-rails (>= 2.0.0)
    rails-controller-testing (1.0.5)
      actionpack (>= 5.0.1.rc1)
      actionview (>= 5.0.1.rc1)
      activesupport (>= 5.0.1.rc1)
    rails-dom-testing (2.0.3)
      activesupport (>= 4.2.0)
      nokogiri (>= 1.6)
    rails-html-sanitizer (1.3.0)
      loofah (~> 2.3)
    railties (6.1.0.rc1)
      actionpack (= 6.1.0.rc1)
      activesupport (= 6.1.0.rc1)
      method_source
      rake (>= 0.8.7)
      thor (~> 1.0)
    rainbow (3.0.0)
    rake (13.0.1)
    rb-fsevent (0.10.4)
    rb-inotify (0.10.1)
      ffi (~> 1.0)
    reek (6.0.2)
      kwalify (~> 0.7.0)
      parser (>= 2.5.0.0, < 2.8, != 2.5.1.1)
      psych (~> 3.1)
      rainbow (>= 2.0, < 4.0)
    regexp_parser (1.8.2)
    responders (3.0.1)
      actionpack (>= 5.0)
      railties (>= 5.0)
    rest-client (2.1.0)
      http-accept (>= 1.7.0, < 2.0)
      http-cookie (>= 1.0.2, < 2.0)
      mime-types (>= 1.16, < 4.0)
      netrc (~> 0.8)
    rexml (3.2.4)
    rspec-core (3.10.0)
      rspec-support (~> 3.10.0)
    rspec-expectations (3.10.0)
      diff-lcs (>= 1.2.0, < 2.0)
      rspec-support (~> 3.10.0)
    rspec-mocks (3.10.0)
      diff-lcs (>= 1.2.0, < 2.0)
      rspec-support (~> 3.10.0)
    rspec-rails (4.0.1)
      actionpack (>= 4.2)
      activesupport (>= 4.2)
      railties (>= 4.2)
      rspec-core (~> 3.9)
      rspec-expectations (~> 3.9)
      rspec-mocks (~> 3.9)
      rspec-support (~> 3.9)
    rspec-support (3.10.0)
    rubocop (1.3.1)
      parallel (~> 1.10)
      parser (>= 2.7.1.5)
      rainbow (>= 2.2.2, < 4.0)
      regexp_parser (>= 1.8)
      rexml
      rubocop-ast (>= 1.1.1)
      ruby-progressbar (~> 1.7)
      unicode-display_width (>= 1.4.0, < 2.0)
    rubocop-ast (1.1.1)
      parser (>= 2.7.1.5)
    ruby-progressbar (1.10.1)
    ruby_ci (0.2.5)
      async-websocket (<= 0.20.0)
      brakeman (~> 5.4.1)
      console (~> 1.15.0)
      rubycritic (~> 4.8.0)
    ruby_parser (3.21.1)
      racc (~> 1.5)
      sexp_processor (~> 4.16)
    rubycritic (4.8.0)
      flay (~> 2.8)
      flog (~> 4.4)
      launchy (>= 2.0.0)
      parser (>= 2.6.0)
      rainbow (~> 3.0)
      reek (~> 6.0, < 7.0)
      ruby_parser (~> 3.8)
      simplecov (>= 0.17.0)
      tty-which (~> 0.4.0)
      virtus (~> 1.0)
    rubyzip (2.3.0)
    rufo (0.12.0)
    sass-rails (6.0.0)
      sassc-rails (~> 2.1, >= 2.1.1)
    sassc (2.4.0)
      ffi (~> 1.9)
    sassc-rails (2.1.2)
      railties (>= 4.0.0)
      sassc (>= 2.0)
      sprockets (> 3.0)
      sprockets-rails
      tilt
    selenium-webdriver (3.142.7)
      childprocess (>= 0.5, < 4.0)
      rubyzip (>= 1.2.2)
    semantic_range (2.3.0)
    sexp_processor (4.17.2)
    simplecov (0.22.0)
      docile (~> 1.1)
      simplecov-html (~> 0.11)
      simplecov_json_formatter (~> 0.1)
    simplecov-html (0.13.1)
    simplecov_json_formatter (0.1.4)
    spring (2.1.1)
    sprockets (4.0.2)
      concurrent-ruby (~> 1.0)
      rack (> 1, < 3)
    sprockets-rails (3.2.2)
      actionpack (>= 4.0)
      activesupport (>= 4.0)
      sprockets (>= 3.0.0)
    thor (1.0.1)
    thread_safe (0.3.6)
    thread_safe (0.3.6-java)
    tilt (2.0.10)
    timers (4.3.5)
    traces (0.11.1)
    tty-which (0.4.2)
    turbolinks (5.2.1)
      turbolinks-source (~> 5.2)
    turbolinks-source (5.2.0)
    tzinfo (2.0.3)
      concurrent-ruby (~> 1.0)
    tzinfo-data (1.2020.4)
      tzinfo (>= 1.0.0)
    unf (0.1.4)
      unf_ext
    unf (0.1.4-java)
    unf_ext (0.0.7.7)
    unicode-display_width (1.7.0)
    virtus (1.0.5)
      axiom-types (~> 0.1)
      coercible (~> 1.0)
      descendants_tracker (~> 0.0, >= 0.0.3)
      equalizer (~> 0.0, >= 0.0.9)
    warden (1.2.9)
      rack (>= 2.0.9)
    web-console (4.1.0)
      actionview (>= 6.0.0)
      activemodel (>= 6.0.0)
      bindex (>= 0.4.0)
      railties (>= 6.0.0)
    webdrivers (4.4.1)
      nokogiri (~> 1.6)
      rubyzip (>= 1.3.0)
      selenium-webdriver (>= 3.0, < 4.0)
    webpacker (5.2.1)
      activesupport (>= 5.2)
      rack-proxy (>= 0.6.1)
      railties (>= 5.2)
      semantic_range (>= 2.3.0)
    websocket-driver (0.7.3)
      websocket-extensions (>= 0.1.0)
    websocket-driver (0.7.3-java)
      websocket-extensions (>= 0.1.0)
    websocket-extensions (0.1.5)
    xpath (3.2.0)
      nokogiri (~> 1.8)
    zeitwerk (2.4.1)

PLATFORMS
  java
  ruby

DEPENDENCIES
  bcrypt (~> 3.1.7)
  bootsnap (>= 1.4.4)
  bootstrap (~> 5.0.0.alpha3)
  bootstrap-multiselect-rails (~> 0.9.9)
  byebug
  capybara
  cloudinary
  database_cleaner (~> 1.8, >= 1.8.5)
  devise
  factory_bot (~> 6.1)
  factory_bot_rails (~> 6.1)
  faker (~> 2.14)
  jbuilder (~> 2.7)
  listen (~> 3.2)
  pg (~> 1.1)
  puma (~> 5.0)
  rails (~> 6.1.0.rc1)
  rails-controller-testing
  rspec-rails (~> 4.0, >= 4.0.1)
  rubocop (~> 1.3)
  ruby_ci
  rufo
  sass-rails (>= 6)
  selenium-webdriver
  spring
  turbolinks (~> 5)
  tzinfo-data
  web-console (>= 4.0.3)
  webdrivers
  webpacker (~> 5.0)

RUBY VERSION
   ruby 2.7.2p137

BUNDLED WITH
   2.1.4
